GEM
  remote: https://rubygems.org/
  specs:
    awesome_print (1.8.0)
    curl (0.0.9)
      awesome_print (>= 0.2.1)
      unidecoder (>= 1.1.1)
    mustermann (1.0.3)
    rack (2.0.5)
    rack-protection (2.0.3)
      rack
    sinatra (2.0.3)
      mustermann (~> 1.0)
      rack (~> 2.0)
      rack-protection (= 2.0.3)
      tilt (~> 2.0)
    tilt (2.0.8)
    unidecoder (1.1.2)

PLATFORMS
  ruby

DEPENDENCIES
  curl!
  sinatra!

BUNDLED WITH
   1.16.3
