GEM
  remote: https://rubygems.org/
  specs:
    curb (0.9.6)
    json (2.1.0)
    mustermann (1.0.3)
    rack (2.0.5)
    rack-protection (2.0.3)
      rack
    sinatra (2.0.3)
      mustermann (~> 1.0)
      rack (~> 2.0)
      rack-protection (= 2.0.3)
      tilt (~> 2.0)
    tilt (2.0.8)

PLATFORMS
  ruby

DEPENDENCIES
  curb!
  json!
  sinatra!

BUNDLED WITH
   1.16.3
